GEM
  remote: https://rubygems.org/
  specs:
    aws-eventstream (1.2.0)
    aws-sdk (2.11.632)
      aws-sdk-resources (= 2.11.632)
    aws-sdk-core (2.11.632)
      aws-sigv4 (~> 1.0)
      jmespath (~> 1.0)
    aws-sdk-resources (2.11.632)
      aws-sdk-core (= 2.11.632)
    aws-sigv4 (1.5.0)
      aws-eventstream (~> 1, >= 1.0.2)
    jmespath (1.6.1)
    json (1.8.6)
    macaddr (1.7.2)
      systemu (~> 2.6.5)
    rdoc (3.12.2)
      json (~> 1.4)
    systemu (2.6.5)
    uuid (2.3.9)
      macaddr (~> 1.0)

PLATFORMS
  x64-mingw32
  x86_64-linux

DEPENDENCIES
  aws-sdk (~> 2.11.0)
  json (~> 1.8.1)
  rdoc (~> 3.12)
  uuid (~> 2.3.7)

BUNDLED WITH
   2.3.5
